GEM
  remote: https://rubygems.org/
  specs:
    redcarpet (3.6.0)

PLATFORMS
  ruby

DEPENDENCIES
  redcarpet (= 3.6.0)

BUNDLED WITH
   2.1.4
